PATH
  remote: .
  specs:
    yahoo-fantasy-sports (0.2.22)
      oauth2 (~> 2.0.9)

GEM
  remote: https://rubygems.org/
  specs:
    faraday (2.7.8)
      faraday-net_http (>= 2.0, < 3.1)
      ruby2_keywords (>= 0.0.4)
    faraday-net_http (3.0.2)
    gem-release (2.2.2)
    hashie (5.0.0)
    jwt (2.7.1)
    multi_xml (0.6.0)
    oauth2 (2.0.9)
      faraday (>= 0.17.3, < 3.0)
      jwt (>= 1.0, < 3.0)
      multi_xml (~> 0.5)
      rack (>= 1.2, < 4)
      snaky_hash (~> 2.0)
      version_gem (~> 1.1)
    rack (3.0.8)
    rake (13.0.6)
    ruby2_keywords (0.0.5)
    snaky_hash (2.0.1)
      hashie
      version_gem (~> 1.1, >= 1.1.1)
    version_gem (1.1.3)

PLATFORMS
  ruby

DEPENDENCIES
  bundler (~> 2.3.18)
  gem-release (~> 2.2)
  rake (~> 13.0)
  yahoo-fantasy-sports!

BUNDLED WITH
   2.3.18
